GEM
  remote: http://rubygems.org/
  specs:
    termit (1.2.2)

PLATFORMS
  ruby

DEPENDENCIES
  termit
