GEM
  remote: http://rubygems.org/
  specs:
    termit (2.0.9)

PLATFORMS
  ruby

DEPENDENCIES
  termit
