GEM
  remote: http://rubygems.org/
  specs:
    awesome_print (1.2.0)
    delegate_it (1.1.1)
    termit (2.13.0)
      delegate_it

PLATFORMS
  ruby

DEPENDENCIES
  awesome_print
  termit

BUNDLED WITH
   1.10.6
