GEM
  remote: http://rubygems.org/
  specs:
    delegate_it (1.1.1)
    termit (2.13.0)
      delegate_it

PLATFORMS
  ruby

DEPENDENCIES
  termit

BUNDLED WITH
   1.13.6
